GEM
  remote: https://rubygems.org/
  specs:
    activemodel (6.1.3)
      activesupport (= 6.1.3)
    activerecord (6.1.3)
      activemodel (= 6.1.3)
      activesupport (= 6.1.3)
    activesupport (6.1.3)
      concurrent-ruby (~> 1.0, >= 1.0.2)
      i18n (>= 1.6, < 2)
      minitest (>= 5.1)
      tzinfo (~> 2.0)
      zeitwerk (~> 2.3)
    chronic (0.10.2)
    climate_control (0.2.0)
    cocaine (0.6.0)
      terrapin (= 0.6.0)
    concurrent-ruby (1.1.8)
    fileutils (1.4.1)
    i18n (1.8.9)
      concurrent-ruby (~> 1.0)
    json (2.3.0)
    minitest (5.14.4)
    mustermann (1.1.1)
      ruby2_keywords (~> 0.0.1)
    nio4r (2.5.2)
    pg (1.2.3)
    pg (1.2.3-x64-mingw32)
    puma (4.3.5)
      nio4r (~> 2.0)
    rack (2.2.3)
    rack-protection (2.0.8.1)
      rack
    rake (12.3.3)
    ruby2_keywords (0.0.2)
    rubyzip (2.0.0)
    sinatra (2.0.8.1)
      mustermann (~> 1.0)
      rack (~> 2.0)
      rack-protection (= 2.0.8.1)
      tilt (~> 2.0)
    sinatra-activerecord (2.0.18)
      activerecord (>= 4.1)
      sinatra (>= 1.0)
    sinatra-cross_origin (0.4.0)
    terrapin (0.6.0)
      climate_control (>= 0.0.3, < 1.0)
    tilt (2.0.10)
    tzinfo (2.0.4)
      concurrent-ruby (~> 1.0)
    whenever (1.0.0)
      chronic (>= 0.6.3)
    youtube-dl.rb (0.3.1.2016.09.11.1)
      cocaine (>= 0.5.4)
    zeitwerk (2.4.2)

PLATFORMS
  ruby
  x64-mingw32

DEPENDENCIES
  bundler
  fileutils
  json
  pg
  puma
  rake (~> 12.0)
  rubyzip
  sinatra
  sinatra-activerecord
  sinatra-cross_origin
  whenever
  youtube-dl.rb

RUBY VERSION
   ruby 2.7.1p83

BUNDLED WITH
   2.1.4
