GEM
  remote: https://rubygems.org/
  specs:
    chronic (0.10.2)
    climate_control (0.2.0)
    cocaine (0.6.0)
      terrapin (= 0.6.0)
    fileutils (1.4.1)
    json (2.3.0)
    mustermann (1.1.1)
      ruby2_keywords (~> 0.0.1)
    nio4r (2.5.2)
    puma (4.3.3)
      nio4r (~> 2.0)
    rack (2.1.1)
    rack-protection (2.0.8.1)
      rack
    rake (12.3.3)
    ruby2_keywords (0.0.2)
    rubyzip (2.0.0)
    sinatra (2.0.8.1)
      mustermann (~> 1.0)
      rack (~> 2.0)
      rack-protection (= 2.0.8.1)
      tilt (~> 2.0)
    sinatra-cross_origin (0.4.0)
    terrapin (0.6.0)
      climate_control (>= 0.0.3, < 1.0)
    tilt (2.0.10)
    whenever (1.0.0)
      chronic (>= 0.6.3)
    youtube-dl.rb (0.3.1.2016.09.11.1)
      cocaine (>= 0.5.4)

PLATFORMS
  ruby
  x64-mingw32

DEPENDENCIES
  bundler
  fileutils
  json
  puma
  rake (~> 12.0)
  rubyzip
  sinatra
  sinatra-cross_origin
  whenever
  youtube-dl.rb

RUBY VERSION
   ruby 2.7.1p83

BUNDLED WITH
   2.1.4
